GEM
  remote: http://rubygems.org/
  specs:
    ansi (1.3.0)
    git (1.2.5)
    jeweler (1.5.2)
      bundler (~> 1.0.0)
      git (>= 1.2.5)
      rake
    rake (0.9.2)
    rcov (0.9.11)
    rcov (0.9.11-java)

PLATFORMS
  java
  ruby

DEPENDENCIES
  ansi (>= 1.2.2)
  bundler (~> 1.0.0)
  jeweler (~> 1.5.2)
  rcov
